PATH
  remote: .
  specs:
    activerecord-auto_filter (0.0.1)

GEM
  remote: https://rubygems.org/
  specs:
    activemodel (3.2.14)
      activesupport (= 3.2.14)
      builder (~> 3.0.0)
    activerecord (3.2.14)
      activemodel (= 3.2.14)
      activesupport (= 3.2.14)
      arel (~> 3.0.2)
      tzinfo (~> 0.3.29)
    activesupport (3.2.14)
      i18n (~> 0.6, >= 0.6.4)
      multi_json (~> 1.0)
    arel (3.0.3)
    builder (3.0.4)
    i18n (0.6.5)
    multi_json (1.8.2)
    mysql2 (0.3.13)
    shoulda (3.0.1)
      shoulda-context (~> 1.0.0)
      shoulda-matchers (~> 1.0.0)
    shoulda-context (1.0.0)
    shoulda-matchers (1.0.0)
    test-unit (2.5.0)
    tzinfo (0.3.38)

PLATFORMS
  ruby

DEPENDENCIES
  activerecord
  activerecord-auto_filter!
  mysql2
  shoulda (= 3.0.1)
  shoulda-context (= 1.0.0)
  shoulda-matchers (= 1.0.0)
  test-unit
